GEM
  remote: https://rubygems.org/
  specs:
    byebug (11.1.3)
    mustermann (3.0.0)
      ruby2_keywords (~> 0.0.1)
    nio4r (2.5.8)
    pdfkit (0.8.7.2)
    puma (6.0.2)
      nio4r (~> 2.0)
    rack (2.2.6.2)
    rack-protection (3.0.5)
      rack
    ruby2_keywords (0.0.5)
    sinatra (3.0.5)
      mustermann (~> 3.0)
      rack (~> 2.2, >= 2.2.4)
      rack-protection (= 3.0.5)
      tilt (~> 2.0)
    tilt (2.0.11)
    wkhtmltopdf-binary-edge (0.12.6.0)

PLATFORMS
  arm64-darwin-21

DEPENDENCIES
  byebug
  pdfkit
  puma
  sinatra
  wkhtmltopdf-binary-edge (~> 0.12.6.0)

BUNDLED WITH
   2.3.8
